GEM
  remote: https://rubygems.org/
  specs:
    ethon (0.7.4)
      ffi (>= 1.3.0)
    facets (3.0.0)
    ffi (1.9.10)
    mini_portile (0.6.2)
    nokogiri (1.6.6.2)
      mini_portile (~> 0.6.0)
    rake (10.4.2)
    rickshaw (0.3.1)
    rubyzip (1.1.7)
    trollop (2.1.2)
    typhoeus (0.7.2)
      ethon (>= 0.7.4)
    zotplus-rakehelper (0.0.109)
      nokogiri
      rake
      rickshaw
      rubyzip (>= 1.0.0)
      typhoeus

PLATFORMS
  ruby

DEPENDENCIES
  facets
  nokogiri
  rake
  trollop
  zotplus-rakehelper
